GEM
  remote: https://rubygems.org/
  specs:
    addressable (2.8.1)
      public_suffix (>= 2.0.2, < 6.0)
    coderay (1.1.2)
    launchy (2.5.0)
      addressable (~> 2.7)
    method_source (0.9.2)
    pry (0.12.2)
      coderay (~> 1.1.0)
      method_source (~> 0.9.0)
    public_suffix (5.0.0)
    ruby-odbc (0.99999)
    slim (4.0.1)
      temple (>= 0.7.6, < 0.9)
      tilt (>= 2.0.6, < 2.1)
    temple (0.8.2)
    tilt (2.0.10)

PLATFORMS
  ruby
  x64-mingw32

DEPENDENCIES
  launchy (~> 2.5)
  pry (~> 0.12.2)
  ruby-odbc (~> 0.99999)
  slim (~> 4.0)

BUNDLED WITH
   1.17.2
